GEM
  remote: http://rubygems.org/
  specs:
    diff-lcs (1.1.3)
    git (1.2.5)
    jeweler (1.8.4)
      bundler (~> 1.0)
      git (>= 1.2.5)
      rake
      rdoc
    json (1.7.5)
    kramdown (0.14.0)
    rake (0.9.2.2)
    rdoc (3.12)
      json (~> 1.4)
    rjb (1.4.8)
    rspec (2.11.0)
      rspec-core (~> 2.11.0)
      rspec-expectations (~> 2.11.0)
      rspec-mocks (~> 2.11.0)
    rspec-core (2.11.1)
    rspec-expectations (2.11.3)
      diff-lcs (~> 1.1.3)
    rspec-mocks (2.11.3)
    yard (0.8.2.1)

PLATFORMS
  ruby

DEPENDENCIES
  jeweler (~> 1.8.0)
  kramdown
  rjb (~> 1.4.0)
  rspec (> 2.9.0)
  yard
